PATH
  remote: .
  specs:
    ordit (0.1.3)

GEM
  remote: https://rubygems.org/
  specs:
    minitest (5.25.4)
    rake (13.2.1)

PLATFORMS
  ruby
  x86_64-linux

DEPENDENCIES
  minitest (~> 5.0)
  ordit!
  rake (~> 13.0)

BUNDLED WITH
   2.5.3
